PATH
  remote: .
  specs:
    signal-utils (1.0)

GEM
  specs:

PLATFORMS
  ruby

DEPENDENCIES
  signal-utils!
